GEM
  remote: http://rubygems.org/
  specs:
    activesupport (3.0.0)
    bson (1.0.7)
    i18n (0.4.1)
    jnunemaker-validatable (1.8.4)
      activesupport (>= 2.3.4)
    mongo (1.0.8)
      bson (>= 1.0.5)
    mongo_mapper (0.8.4)
      activesupport (>= 2.3.4)
      jnunemaker-validatable (~> 1.8.4)
      plucky (~> 0.3.5)
    pickle (0.3.0)
    plucky (0.3.5)
      mongo (~> 1.0.8)
    rspec (1.3.0)

PLATFORMS
  ruby

DEPENDENCIES
  bundler
  i18n
  mongo_mapper (~> 0.8.4)
  pickle (>= 0.3.0)
  rspec (>= 1.3.0)
