GEM
  remote: http://rubygems.org/
  specs:
    activesupport (2.3.8)
    bson (1.0)
    jnunemaker-validatable (1.8.4)
      activesupport (>= 2.3.4)
    mongo (1.0)
      bson (= 1.0)
    mongo_mapper (0.7.5)
      activesupport (>= 2.3.4)
      jnunemaker-validatable (= 1.8.4)
      mongo (= 1.0)
    pickle (0.3.0)
    rspec (1.3.0)

PLATFORMS
  ruby

DEPENDENCIES
  bundler
  mongo_mapper (~> 0.7.5)
  pickle (>= 0.3.0)
  rspec (>= 1.3.0)
