GEM
  remote: http://rubygems.org/
  specs:
    activesupport (3.0.1)
    bson (1.1.1)
    builder (2.1.2)
    cucumber (0.9.3)
      builder (~> 2.1.2)
      diff-lcs (~> 1.1.2)
      gherkin (~> 2.2.9)
      json (~> 1.4.6)
      term-ansicolor (~> 1.0.5)
    diff-lcs (1.1.2)
    gherkin (2.2.9)
      json (~> 1.4.6)
      term-ansicolor (~> 1.0.5)
    i18n (0.4.2)
    jnunemaker-validatable (1.8.4)
      activesupport (>= 2.3.4)
    json (1.4.6)
    mongo (1.1.1)
      bson (>= 1.1.1)
    mongo_mapper (0.8.6)
      activesupport (>= 2.3.4)
      jnunemaker-validatable (~> 1.8.4)
      plucky (~> 0.3.6)
    pickle (0.4.2)
      cucumber (>= 0.8)
      rake
      rspec (>= 1.3)
      yard
    plucky (0.3.6)
      mongo (~> 1.1)
    rake (0.8.7)
    rspec (1.3.1)
    term-ansicolor (1.0.5)
    yard (0.6.1)

PLATFORMS
  ruby

DEPENDENCIES
  bundler
  i18n
  mongo_mapper (>= 0.7.5)
  pickle (>= 0.3.0)
  rspec (~> 1.3.0)
